GIT
  remote: https://github.com/rspec/rspec-core.git
  revision: da87aa0c5f25a6e6f2db6f0c8fb2a04625b80ac6
  specs:
    rspec-core (3.10.0.pre)
      rspec-support (= 3.10.0.pre)

GIT
  remote: https://github.com/rspec/rspec-expectations.git
  revision: 866dc56065e10ddfded0078a9a108c7d115ed1ed
  specs:
    rspec-expectations (3.10.0.pre)
      diff-lcs (>= 1.2.0, < 2.0)
      rspec-support (= 3.10.0.pre)

GIT
  remote: https://github.com/rspec/rspec-mocks.git
  revision: ae6e11d7f5100146c4b58b165975a29e2ccc60db
  specs:
    rspec-mocks (3.10.0.pre)
      diff-lcs (>= 1.2.0, < 2.0)
      rspec-support (= 3.10.0.pre)

GIT
  remote: https://github.com/rspec/rspec-support.git
  revision: 9cec8e858228ee1d1395e4e6186ac39c2a83d705
  specs:
    rspec-support (3.10.0.pre)

GEM
  remote: https://rubygems.org/
  specs:
    coderay (1.1.2)
    diff-lcs (1.3)
    docile (1.3.2)
    method_source (0.9.2)
    pry (0.12.2)
      coderay (~> 1.1.0)
      method_source (~> 0.9.0)
    simplecov (0.18.5)
      docile (~> 1.1)
      simplecov-html (~> 0.11)
    simplecov-html (0.12.2)

PLATFORMS
  ruby

DEPENDENCIES
  pry
  rspec-core!
  rspec-expectations!
  rspec-mocks!
  rspec-support!
  simplecov

RUBY VERSION
   ruby 2.7.0p-1

BUNDLED WITH
   2.1.0.pre.1
